GEM
  remote: http://rubygems.org/
  specs:
    actionmailer (3.1.0.rc2)
      actionpack (= 3.1.0.rc2)
      mail (~> 2.3.0)
    actionpack (3.1.0.rc2)
      activemodel (= 3.1.0.rc2)
      activesupport (= 3.1.0.rc2)
      builder (~> 3.0.0)
      erubis (~> 2.7.0)
      i18n (~> 0.6)
      rack (~> 1.3.0)
      rack-cache (~> 1.0.1)
      rack-mount (~> 0.8.1)
      rack-test (~> 0.6.0)
      sprockets (~> 2.0.0.beta.10)
      tzinfo (~> 0.3.27)
    activemodel (3.1.0.rc2)
      activesupport (= 3.1.0.rc2)
      bcrypt-ruby (~> 2.1.4)
      builder (~> 3.0.0)
      i18n (~> 0.6)
    activerecord (3.1.0.rc2)
      activemodel (= 3.1.0.rc2)
      activesupport (= 3.1.0.rc2)
      arel (~> 2.1.1)
      tzinfo (~> 0.3.27)
    activeresource (3.1.0.rc2)
      activemodel (= 3.1.0.rc2)
      activesupport (= 3.1.0.rc2)
    activesupport (3.1.0.rc2)
      multi_json (~> 1.0)
    arel (2.1.1)
    babosa (0.3.4)
    bcrypt-ruby (2.1.4)
    builder (3.0.0)
    erubis (2.7.0)
    friendly_id (3.2.1.1)
      babosa (~> 0.3.0)
    haml (3.1.1)
    haml-rails (0.3.4)
      actionpack (~> 3.0)
      activesupport (~> 3.0)
      haml (~> 3.0)
      railties (~> 3.0)
    has_scope (0.5.0)
    hike (1.2.3)
    i18n (0.6.0)
    inherited_resources (1.2.2)
      has_scope (~> 0.5.0)
      responders (~> 0.6.0)
    mail (2.3.0)
      i18n (>= 0.4.0)
      mime-types (~> 1.16)
      treetop (~> 1.4.8)
    mime-types (1.16)
    multi_json (1.0.3)
    polyglot (0.3.1)
    rack (1.3.10)
    rack-cache (1.0.2)
      rack (>= 0.4)
    rack-mount (0.8.1)
      rack (>= 1.0.0)
    rack-ssl (1.3.2)
      rack
    rack-test (0.6.0)
      rack (>= 1.0)
    rails (3.1.0.rc2)
      actionmailer (= 3.1.0.rc2)
      actionpack (= 3.1.0.rc2)
      activerecord (= 3.1.0.rc2)
      activeresource (= 3.1.0.rc2)
      activesupport (= 3.1.0.rc2)
      bundler (~> 1.0)
      railties (= 3.1.0.rc2)
    railties (3.1.0.rc2)
      actionpack (= 3.1.0.rc2)
      activesupport (= 3.1.0.rc2)
      rack-ssl (~> 1.3.2)
      rake (>= 0.8.7)
      thor (~> 0.14.6)
    rake (0.9.2)
    responders (0.6.4)
    simple_form (1.4.0)
    sprockets (2.0.5)
      hike (~> 1.2)
      rack (~> 1.0)
      tilt (~> 1.1, != 1.3.0)
    sqlite3 (1.3.3)
    thor (0.14.6)
    tilt (1.4.1)
    treetop (1.4.9)
      polyglot (>= 0.3.1)
    tzinfo (0.3.61)

PLATFORMS
  ruby

DEPENDENCIES
  friendly_id (~> 3.2.1)
  haml-rails
  inherited_resources
  rails (= 3.1.0.rc2)
  simple_form
  sqlite3
